GEM
  remote: https://rubygems.org/
  specs:
    pg (0.17.1)
    rack (1.5.2)
    rack-protection (1.5.2)
      rack
    rake (10.2.2)
    sequel (4.9.0)
    sinatra (1.4.4)
      rack (~> 1.4)
      rack-protection (~> 1.4)
      tilt (~> 1.3, >= 1.3.4)
    tilt (1.4.1)

PLATFORMS
  ruby

DEPENDENCIES
  pg
  rake
  sequel
  sinatra
